GEM
  remote: https://rubygems.org/
  specs:
    haml (3.1.3)
    kgio (2.8.0)
    rack (1.3.3)
    raindrops (0.10.0)
    sinatra (1.0)
      rack (>= 1.0)
    unicorn (4.6.2)
      kgio (~> 2.6)
      rack
      raindrops (~> 0.7)

PLATFORMS
  ruby

DEPENDENCIES
  haml (= 3.1.3)
  sinatra (= 1.0)
  unicorn
