GEM
  remote: http://rubygems.org/
  specs:
    haml (3.1.3)
    rack (1.3.3)
    sinatra (1.0)
      rack (>= 1.0)

PLATFORMS
  ruby

DEPENDENCIES
  haml (= 3.1.3)
  sinatra (= 1.0)
